GEM
  remote: https://rubygems.org/
  specs:
    daemons (1.3.1)

PLATFORMS
  ruby

DEPENDENCIES
  daemons

BUNDLED WITH
   1.11.2
